PATH
  remote: .
  specs:
    ncsh_integration_tests (1)

GEM
  remote: https://rubygems.org/
  specs:
    minitest (5.25.1)
    rake (13.2.1)

PLATFORMS
  ruby
  x86_64-linux-gnu

DEPENDENCIES
  bundler (~> 2.5)
  minitest (~> 5.0)
  ncsh_integration_tests!
  rake (~> 13.0)

BUNDLED WITH
   2.5.23
